GEM
  remote: https://rubygems.org/
  specs:
    coderay (1.1.2)
    cosmos (4.0.1)
      bundler (~> 1.3)
      json (>= 1.5, < 1.9)
      nokogiri (~> 1.6)
      opengl (>= 0.7, < 0.10)
      pry (>= 0.9, < 0.11)
      pry-doc (>= 0.5, < 0.7)
      qtbindings (~> 4.8.6, >= 4.8.6.2)
      rake (>= 0, < 13)
      rdoc (>= 3, < 5)
      rubyzip (~> 1.1.0)
      snmp (~> 1.0)
      uuidtools (~> 2.1.0)
      yard (>= 0.8, < 0.10)
    json (1.8.1)
    method_source (0.8.2)
    mini_portile2 (2.3.0)
    nokogiri (1.8.1-x64-mingw32)
      mini_portile2 (~> 2.3.0)
    opengl (0.9.2-x64-mingw32)
    pry (0.10.1-x64-mingw32)
      coderay (~> 1.1.0)
      method_source (~> 0.8.1)
      slop (~> 3.4)
      win32console (~> 1.3)
    pry-doc (0.6.0)
      pry (~> 0.9)
      yard (~> 0.8)
    qtbindings (4.8.6.3-x64-mingw32)
      qtbindings-qt (~> 4.8.6.0)
    qtbindings-qt (4.8.6.3-x64-mingw32)
    rake (10.4.2)
    rdoc (4.2.0)
    rubyzip (1.1.7)
    slop (3.6.0)
    snmp (1.2.0)
    uuidtools (2.1.5)
    win32console (1.3.2)
    yard (0.9.9)

PLATFORMS
  x64-mingw32

DEPENDENCIES
  cosmos

BUNDLED WITH
   1.15.4
